GIT
  remote: https://github.com/andreapavoni/panoramic.git
  revision: bd766f61f32e5fcf3c050f56f6e16d49a169d025
  branch: master
  specs:
    panoramic (0.0.7)
      rails (>= 4.2.0)

GIT
  remote: https://github.com/catima/refile
  revision: 798ee0f2bdf007b4934c34c8c47db01513bdfabc
  tag: 0.6.9
  specs:
    refile (0.6.9)
      mime-types
      sinatra (>= 2.0.0, <= 4.0.0)

GIT
  remote: https://github.com/refile/refile-mini_magick.git
  revision: 5c7c30d57a94c4104d84eb4eb9e74ca757c1a773
  specs:
    refile-mini_magick (0.2.0)
      image_processing (~> 1.1)
      mini_magick (~> 4.0)
      refile (~> 0.6)

GEM
  remote: https://rubygems.org/
  remote: https://rails-assets.org/
  specs:
    actioncable (6.1.7.6)
      actionpack (= 6.1.7.6)
      activesupport (= 6.1.7.6)
      nio4r (~> 2.0)
      websocket-driver (>= 0.6.1)
    actionmailbox (6.1.7.6)
      actionpack (= 6.1.7.6)
      activejob (= 6.1.7.6)
      activerecord (= 6.1.7.6)
      activestorage (= 6.1.7.6)
      activesupport (= 6.1.7.6)
      mail (>= 2.7.1)
    actionmailer (6.1.7.6)
      actionpack (= 6.1.7.6)
      actionview (= 6.1.7.6)
      activejob (= 6.1.7.6)
      activesupport (= 6.1.7.6)
      mail (~> 2.5, >= 2.5.4)
      rails-dom-testing (~> 2.0)
    actionpack (6.1.7.6)
      actionview (= 6.1.7.6)
      activesupport (= 6.1.7.6)
      rack (~> 2.0, >= 2.0.9)
      rack-test (>= 0.6.3)
      rails-dom-testing (~> 2.0)
      rails-html-sanitizer (~> 1.0, >= 1.2.0)
    actiontext (6.1.7.6)
      actionpack (= 6.1.7.6)
      activerecord (= 6.1.7.6)
      activestorage (= 6.1.7.6)
      activesupport (= 6.1.7.6)
      nokogiri (>= 1.8.5)
    actionview (6.1.7.6)
      activesupport (= 6.1.7.6)
      builder (~> 3.1)
      erubi (~> 1.4)
      rails-dom-testing (~> 2.0)
      rails-html-sanitizer (~> 1.1, >= 1.2.0)
    active_model_serializers (0.10.13)
      actionpack (>= 4.1, < 7.1)
      activemodel (>= 4.1, < 7.1)
      case_transform (>= 0.2)
      jsonapi-renderer (>= 0.1.1.beta1, < 0.3)
    active_type (1.10.1)
      activerecord (>= 3.2)
    activejob (6.1.7.6)
      activesupport (= 6.1.7.6)
      globalid (>= 0.3.6)
    activemodel (6.1.7.6)
      activesupport (= 6.1.7.6)
    activerecord (6.1.7.6)
      activemodel (= 6.1.7.6)
      activesupport (= 6.1.7.6)
    activestorage (6.1.7.6)
      actionpack (= 6.1.7.6)
      activejob (= 6.1.7.6)
      activerecord (= 6.1.7.6)
      activesupport (= 6.1.7.6)
      marcel (~> 1.0)
      mini_mime (>= 1.1.0)
    activesupport (6.1.7.6)
      concurrent-ruby (~> 1.0, >= 1.0.2)
      i18n (>= 1.6, < 2)
      minitest (>= 5.1)
      tzinfo (~> 2.0)
      zeitwerk (~> 2.3)
    addressable (2.8.4)
      public_suffix (>= 2.0.2, < 6.0)
    ahoy_matey (4.1.0)
      activesupport (>= 5.2)
      device_detector
      safely_block (>= 0.2.1)
    annotate (3.2.0)
      activerecord (>= 3.2, < 8.0)
      rake (>= 10.4, < 14.0)
    ansi (1.5.0)
    ast (2.4.2)
    autoprefixer-rails (10.4.7.0)
      execjs (~> 2)
    awesome_print (1.9.2)
    babel-source (5.8.35)
    babel-transpiler (0.7.0)
      babel-source (>= 4.0, < 6)
      execjs (~> 2.0)
    bcrypt (3.1.18)
    bcrypt_pbkdf (1.1.0)
    better_errors (2.9.1)
      coderay (>= 1.0.0)
      erubi (>= 1.0.0)
      rack (>= 0.9.0)
    binding_of_caller (0.8.0)
      debug_inspector (>= 0.0.1)
    bootstrap (4.6.1)
      autoprefixer-rails (>= 9.1.0)
      popper_js (>= 1.14.3, < 2)
      sassc-rails (>= 2.0.0)
    bootstrap_form (4.5.0)
      actionpack (>= 5.2)
      activemodel (>= 5.2)
    brakeman (4.10.1)
    bugsnag (6.24.2)
      concurrent-ruby (~> 1.0)
    builder (3.2.4)
    byebug (11.1.3)
    capybara (3.37.1)
      addressable
      matrix
      mini_mime (>= 0.1.3)
      nokogiri (~> 1.8)
      rack (>= 1.6.0)
      rack-test (>= 0.6.3)
      regexp_parser (>= 1.5, < 3.0)
      xpath (~> 3.2)
    case_transform (0.2)
      activesupport
    chartkick (4.2.0)
    childprocess (4.1.0)
    cocoon (1.2.15)
    coderay (1.1.3)
    coffee-rails (5.0.0)
      coffee-script (>= 2.2.0)
      railties (>= 5.2.0)
    coffee-script (2.4.1)
      coffee-script-source
      execjs
    coffee-script-source (1.12.2)
    concurrent-ruby (1.2.2)
    connection_pool (2.4.0)
    crack (0.4.5)
      rexml
    crass (1.0.6)
    date (3.3.3)
    debase (0.2.4.1)
      debase-ruby_core_source (>= 0.10.2)
    debase-ruby_core_source (0.10.18)
    debug_inspector (1.1.0)
    device_detector (1.0.7)
    devise (4.8.1)
      bcrypt (~> 3.0)
      orm_adapter (~> 0.1)
      railties (>= 4.1.0)
      responders
      warden (~> 1.2.3)
    devise-jwt (0.9.0)
      devise (~> 4.0)
      warden-jwt_auth (~> 0.6)
    diff-lcs (1.5.0)
    docile (1.4.0)
    dotenv (2.8.1)
    dotenv-rails (2.8.1)
      dotenv (= 2.8.1)
      railties (>= 3.2)
    dry-auto_inject (0.9.0)
      dry-container (>= 0.3.4)
    dry-configurable (0.15.0)
      concurrent-ruby (~> 1.0)
      dry-core (~> 0.6)
    dry-container (0.10.1)
      concurrent-ruby (~> 1.0)
    dry-core (0.8.1)
      concurrent-ruby (~> 1.0)
    errbase (0.2.2)
    erubi (1.12.0)
    execjs (2.8.1)
    faker (2.22.0)
      i18n (>= 1.8.11, < 2)
    faraday (1.10.0)
      faraday-em_http (~> 1.0)
      faraday-em_synchrony (~> 1.0)
      faraday-excon (~> 1.1)
      faraday-httpclient (~> 1.0)
      faraday-multipart (~> 1.0)
      faraday-net_http (~> 1.0)
      faraday-net_http_persistent (~> 1.0)
      faraday-patron (~> 1.0)
      faraday-rack (~> 1.0)
      faraday-retry (~> 1.0)
      ruby2_keywords (>= 0.0.4)
    faraday-em_http (1.0.0)
    faraday-em_synchrony (1.0.0)
    faraday-excon (1.1.0)
    faraday-httpclient (1.0.1)
    faraday-multipart (1.0.4)
      multipart-post (~> 2)
    faraday-net_http (1.0.1)
    faraday-net_http_persistent (1.2.0)
    faraday-patron (1.0.0)
    faraday-rack (1.0.0)
    faraday-retry (1.0.3)
    faraday_middleware (1.2.0)
      faraday (~> 1.0)
    ffi (1.15.5)
    font-awesome-rails (4.7.0.8)
      railties (>= 3.2, < 8.0)
    globalid (1.2.1)
      activesupport (>= 6.1)
    groupdate (6.1.0)
      activesupport (>= 5.2)
    hashdiff (1.0.1)
    hashie (5.0.0)
    i18n (1.14.1)
      concurrent-ruby (~> 1.0)
    image_processing (1.12.2)
      mini_magick (>= 4.9.5, < 5)
      ruby-vips (>= 2.0.17, < 3)
    iniparse (1.5.0)
    jbuilder (2.11.5)
      actionview (>= 5.0.0)
      activesupport (>= 5.0.0)
    jquery-fileupload-rails (1.0.0)
      actionpack (>= 3.1)
      railties (>= 3.1)
      sassc
    jquery-minicolors-rails (2.2.6.2)
      jquery-rails
      rails (>= 3.2.8)
    jquery-rails (4.5.0)
      rails-dom-testing (>= 1, < 3)
      railties (>= 4.2.0)
      thor (>= 0.14, < 2.0)
    json (2.6.2)
    json-schema (3.0.0)
      addressable (>= 2.8)
    json_schema (0.21.0)
    jsonapi-renderer (0.2.2)
    jwt (2.4.1)
    kaminari (1.2.2)
      activesupport (>= 4.1.0)
      kaminari-actionview (= 1.2.2)
      kaminari-activerecord (= 1.2.2)
      kaminari-core (= 1.2.2)
    kaminari-actionview (1.2.2)
      actionview
      kaminari-core (= 1.2.2)
    kaminari-activerecord (1.2.2)
      activerecord
      kaminari-core (= 1.2.2)
    kaminari-core (1.2.2)
    kgio (2.11.4)
    launchy (2.5.0)
      addressable (~> 2.7)
    leaflet-rails (1.7.0)
      rails (>= 4.2.0)
    letter_opener (1.8.1)
      launchy (>= 2.2, < 3)
    listen (3.7.1)
      rb-fsevent (~> 0.10, >= 0.10.3)
      rb-inotify (~> 0.9, >= 0.9.10)
    loofah (2.21.3)
      crass (~> 1.0.2)
      nokogiri (>= 1.12.0)
    mail (2.8.1)
      mini_mime (>= 0.1.1)
      net-imap
      net-pop
      net-smtp
    marcel (1.0.2)
    marco-polo (2.0.1)
      railties (>= 6)
    matrix (0.4.2)
    method_source (1.0.0)
    mime-types (3.5.1)
      mime-types-data (~> 3.2015)
    mime-types-data (3.2023.0808)
    mini_magick (4.11.0)
    mini_mime (1.1.5)
    mini_portile2 (2.8.4)
    minitest (5.20.0)
    minitest-reporters (1.5.0)
      ansi
      builder
      minitest (>= 5.0)
      ruby-progressbar
    mocha (2.1.0)
      ruby2_keywords (>= 0.0.5)
    multi_xml (0.6.0)
    multipart-post (2.2.3)
    mustermann (2.0.2)
      ruby2_keywords (~> 0.0.1)
    net-http (0.3.2)
      uri
    net-imap (0.3.7)
      date
      net-protocol
    net-pop (0.1.2)
      net-protocol
    net-protocol (0.2.1)
      timeout
    net-scp (1.2.1)
      net-ssh (>= 2.6.5)
    net-smtp (0.3.3)
      net-protocol
    net-ssh (7.0.1)
    nio4r (2.5.9)
    nokogiri (1.15.4)
      mini_portile2 (~> 2.8.2)
      racc (~> 1.4)
    nokogiri (1.15.4-x86_64-linux)
      racc (~> 1.4)
    oauth2 (2.0.6)
      faraday (>= 0.17.3, < 3.0)
      jwt (>= 1.0, < 3.0)
      multi_xml (~> 0.5)
      rack (>= 1.2, < 3)
      rash_alt (>= 0.4, < 1)
      version_gem (~> 1.1)
    omniauth (1.9.2)
      hashie (>= 3.4.6)
      rack (>= 1.6.2, < 3)
    omniauth-facebook (8.0.0)
      omniauth-oauth2 (~> 1.2)
    omniauth-github (1.4.0)
      omniauth (~> 1.5)
      omniauth-oauth2 (>= 1.4.0, < 2.0)
    omniauth-oauth2 (1.7.3)
      oauth2 (>= 1.4, < 3)
      omniauth (>= 1.9, < 3)
    omniauth-rails_csrf_protection (0.1.2)
      actionpack (>= 4.2)
      omniauth (>= 1.3.1)
    omniauth-shibboleth (1.3.0)
      omniauth (>= 1.0.0)
    orm_adapter (0.5.0)
    overcommit (0.59.1)
      childprocess (>= 0.6.3, < 5)
      iniparse (~> 1.4)
      rexml (~> 3.2)
    parallel (1.22.1)
    parser (3.1.2.0)
      ast (~> 2.4.1)
    pg (1.4.2)
    pg_search (2.3.6)
      activerecord (>= 5.2)
      activesupport (>= 5.2)
    pgcli-rails (0.6.3)
      railties (>= 4.2.0)
    popper_js (1.16.0)
    pry (0.14.1)
      coderay (~> 1.1)
      method_source (~> 1.0)
    public_suffix (5.0.3)
    puma (5.6.7)
      nio4r (~> 2.0)
    pundit (2.2.0)
      activesupport (>= 3.0.0)
    racc (1.7.1)
    rack (2.2.8)
    rack-protection (2.2.3)
      rack
    rack-proxy (0.7.6)
      rack
    rack-test (2.1.0)
      rack (>= 1.3)
    rails (6.1.7.6)
      actioncable (= 6.1.7.6)
      actionmailbox (= 6.1.7.6)
      actionmailer (= 6.1.7.6)
      actionpack (= 6.1.7.6)
      actiontext (= 6.1.7.6)
      actionview (= 6.1.7.6)
      activejob (= 6.1.7.6)
      activemodel (= 6.1.7.6)
      activerecord (= 6.1.7.6)
      activestorage (= 6.1.7.6)
      activesupport (= 6.1.7.6)
      bundler (>= 1.15.0)
      railties (= 6.1.7.6)
      sprockets-rails (>= 2.0.0)
    rails-assets-autosize (4.0.2)
    rails-assets-mousetrap (1.6.2)
    rails-dom-testing (2.2.0)
      activesupport (>= 5.0.0)
      minitest
      nokogiri (>= 1.6)
    rails-html-sanitizer (1.6.0)
      loofah (~> 2.21)
      nokogiri (~> 1.14)
    railties (6.1.7.6)
      actionpack (= 6.1.7.6)
      activesupport (= 6.1.7.6)
      method_source
      rake (>= 12.2)
      thor (~> 1.0)
    rainbow (3.1.1)
    raindrops (0.20.0)
    rake (13.0.6)
    ranked-model (0.4.8)
      activerecord (>= 4.2)
    rash_alt (0.4.12)
      hashie (>= 3.4)
    rb-fsevent (0.11.1)
    rb-inotify (0.10.1)
      ffi (~> 1.0)
    react-rails (2.6.2)
      babel-transpiler (>= 0.7.0)
      connection_pool
      execjs
      railties (>= 3.2)
      tilt
    recaptcha (5.10.0)
      json
    redcarpet (3.5.1)
    redis (4.2.5)
    redis-client (0.17.0)
      connection_pool
    regexp_parser (2.5.0)
    responders (3.0.1)
      actionpack (>= 5.0)
      railties (>= 5.0)
    rexml (3.2.6)
    rspec-core (3.11.0)
      rspec-support (~> 3.11.0)
    rspec-expectations (3.11.0)
      diff-lcs (>= 1.2.0, < 2.0)
      rspec-support (~> 3.11.0)
    rspec-mocks (3.11.1)
      diff-lcs (>= 1.2.0, < 2.0)
      rspec-support (~> 3.11.0)
    rspec-rails (5.1.2)
      actionpack (>= 5.2)
      activesupport (>= 5.2)
      railties (>= 5.2)
      rspec-core (~> 3.10)
      rspec-expectations (~> 3.10)
      rspec-mocks (~> 3.10)
      rspec-support (~> 3.10)
    rspec-support (3.11.0)
    rswag (2.10.1)
      rswag-api (= 2.10.1)
      rswag-specs (= 2.10.1)
      rswag-ui (= 2.10.1)
    rswag-api (2.10.1)
      railties (>= 3.1, < 7.1)
    rswag-specs (2.10.1)
      activesupport (>= 3.1, < 7.1)
      json-schema (>= 2.2, < 4.0)
      railties (>= 3.1, < 7.1)
      rspec-core (>= 2.14)
    rswag-ui (2.10.1)
      actionpack (>= 3.1, < 7.1)
      railties (>= 3.1, < 7.1)
    rubocop (1.32.0)
      json (~> 2.3)
      parallel (~> 1.10)
      parser (>= 3.1.0.0)
      rainbow (>= 2.2.2, < 4.0)
      regexp_parser (>= 1.8, < 3.0)
      rexml (>= 3.2.5, < 4.0)
      rubocop-ast (>= 1.19.1, < 2.0)
      ruby-progressbar (~> 1.7)
      unicode-display_width (>= 1.4.0, < 3.0)
    rubocop-ast (1.19.1)
      parser (>= 3.1.1.0)
    rubocop-rails (2.15.2)
      activesupport (>= 4.2.0)
      rack (>= 1.1)
      rubocop (>= 1.7.0, < 2.0)
    ruby-debug-ide (0.7.3)
      rake (>= 0.8.1)
    ruby-progressbar (1.11.0)
    ruby-vips (2.1.4)
      ffi (~> 1.12)
    ruby2_keywords (0.0.5)
    rubyzip (2.3.2)
    safely_block (0.3.0)
      errbase (>= 0.1.1)
    sassc (2.4.0)
      ffi (~> 1.9)
    sassc-rails (2.1.2)
      railties (>= 4.0.0)
      sassc (>= 2.0)
      sprockets (> 3.0)
      sprockets-rails
      tilt
    secure_headers (6.3.4)
    select2-rails (4.0.13)
    selenium-webdriver (4.7.1)
      rexml (~> 3.2, >= 3.2.5)
      rubyzip (>= 1.2.2, < 3.0)
      websocket (~> 1.0)
    semantic_range (3.0.0)
    shakapacker (7.0.2)
      activesupport (>= 5.2)
      rack-proxy (>= 0.6.1)
      railties (>= 5.2)
      semantic_range (>= 2.3.0)
    shoulda-context (2.0.0)
    shoulda-matchers (5.1.0)
      activesupport (>= 5.2.0)
    sidekiq (7.1.3)
      concurrent-ruby (< 2)
      connection_pool (>= 2.3.0)
      rack (>= 2.2.4)
      redis-client (>= 0.14.0)
    simplecov (0.21.2)
      docile (~> 1.1)
      simplecov-html (~> 0.11)
      simplecov_json_formatter (~> 0.1)
    simplecov-html (0.12.3)
    simplecov_json_formatter (0.1.4)
    sinatra (2.2.3)
      mustermann (~> 2.0)
      rack (~> 2.2)
      rack-protection (= 2.2.3)
      tilt (~> 2.0)
    spring (2.1.1)
    sprockets (4.2.1)
      concurrent-ruby (~> 1.0)
      rack (>= 2.2.4, < 4)
    sprockets-rails (3.4.2)
      actionpack (>= 5.2)
      activesupport (>= 5.2)
      sprockets (>= 3.0.0)
    sshkit (1.21.2)
      net-scp (>= 1.1.2)
      net-ssh (>= 2.8.0)
    summernote-rails (0.8.12.0)
      railties (>= 3.1)
    terminal-notifier (2.0.0)
    terminal-notifier-guard (1.7.0)
    thor (1.2.2)
    tilt (2.0.11)
    timeout (0.4.0)
    tzinfo (2.0.6)
      concurrent-ruby (~> 1.0)
    unicode-display_width (2.2.0)
    unicorn (6.1.0)
      kgio (~> 2.6)
      raindrops (~> 0.7)
    uri (0.12.2)
    vcr (6.1.0)
    version_gem (1.1.0)
    warden (1.2.9)
      rack (>= 2.0.9)
    warden-jwt_auth (0.6.0)
      dry-auto_inject (~> 0.8)
      dry-configurable (~> 0.13)
      jwt (~> 2.1)
      warden (~> 1.2)
    webmock (3.14.0)
      addressable (>= 2.8.0)
      crack (>= 0.3.2)
      hashdiff (>= 0.4.0, < 2.0.0)
    websocket (1.2.9)
    websocket-driver (0.7.6)
      websocket-extensions (>= 0.1.0)
    websocket-extensions (0.1.5)
    xpath (3.2.0)
      nokogiri (~> 1.8)
    zaru (0.3.0)
    zeitwerk (2.6.11)

PLATFORMS
  ruby
  x86_64-linux

DEPENDENCIES
  active_model_serializers (~> 0.10)
  active_type (~> 1.5)
  ahoy_matey (~> 4.1.0)
  annotate (~> 3.1)
  autoprefixer-rails (~> 10.1)
  awesome_print (~> 1.8)
  bcrypt (~> 3.1)
  bcrypt_pbkdf (~> 1.0)
  better_errors (~> 2.9)
  binding_of_caller (~> 0.8)
  bootstrap (~> 4.5)
  bootstrap_form (~> 4.3)
  brakeman (~> 4.10)
  bugsnag (~> 6.18)
  byebug (~> 11.1.3)
  capybara (~> 3.34)
  chartkick (~> 4.2.0)
  cocoon (~> 1.2)
  coffee-rails (~> 5.0)
  connection_pool (~> 2.2)
  debase (~> 0.2.4)
  device_detector (~> 1.0.7)
  devise (~> 4.7)
  devise-jwt (~> 0.9.0)
  dotenv-rails (~> 2.7)
  faker (~> 2.15)
  faraday (~> 1.1)
  faraday_middleware (~> 1.0)
  font-awesome-rails (~> 4.7.0)
  groupdate (~> 6.1.0)
  jbuilder (~> 2.11.5)
  jquery-fileupload-rails (~> 1.0)
  jquery-minicolors-rails (~> 2.2)
  jquery-rails (~> 4.4)
  json_schema (~> 0.20)
  kaminari (~> 1.2)
  launchy (~> 2.5)
  leaflet-rails (~> 1.7)
  letter_opener (~> 1.7)
  listen (~> 3.3)
  mail (~> 2.7)
  marco-polo (~> 2.0)
  mini_magick (~> 4.11)
  minitest-reporters (~> 1.4)
  mocha (~> 2.1)
  net-http (~> 0.3.2)
  nokogiri (~> 1.14)
  omniauth-facebook (~> 8.0)
  omniauth-github (~> 1.4)
  omniauth-oauth2 (~> 1.7)
  omniauth-rails_csrf_protection (~> 0.1)
  omniauth-shibboleth (~> 1.3)
  overcommit (~> 0.57)
  panoramic!
  pg (~> 1.2)
  pg_search (~> 2.3)
  pgcli-rails (~> 0.5)
  pry (~> 0.13)
  puma (~> 5.6)
  pundit (~> 2.1)
  rails (~> 6.1)
  rails-assets-autosize (~> 4.0)!
  rails-assets-mousetrap (~> 1.6)!
  rainbow (~> 3.0)
  ranked-model (~> 0.4)
  rb-fsevent (~> 0.10)
  react-rails (~> 2.6)
  recaptcha (~> 5.6)
  redcarpet (~> 3.5)
  redis (~> 4.2.5)
  refile!
  refile-mini_magick!
  rspec-rails (~> 5.1.2)
  rswag (~> 2.10.1)
  rubocop-rails (~> 2.9)
  ruby-debug-ide (~> 0.7.3)
  ruby-progressbar (~> 1.10)
  rubyzip (~> 2.3)
  sassc-rails (~> 2.1)
  secure_headers (~> 6.3)
  select2-rails (~> 4.0)
  selenium-webdriver (~> 4.7.1)
  shakapacker (= 7.0.2)
  shoulda-context (~> 2.0)
  shoulda-matchers (~> 5.1)
  sidekiq (~> 7.1)
  simplecov (~> 0.20)
  sinatra (~> 2.2)
  spring (~> 2.1)
  sprockets (~> 4.0)
  sprockets-rails (~> 3.2)
  sshkit (~> 1.21)
  summernote-rails (~> 0.8)
  terminal-notifier (~> 2.0)
  terminal-notifier-guard (~> 1.7)
  tzinfo-data
  unicorn (~> 6.1)
  vcr (~> 6.0)
  webmock (~> 3.10)
  zaru (~> 0.3)

BUNDLED WITH
   2.1.4
